GEM
  remote: https://rubygems.org/
  specs:
    rails (4.2.0)
      ...

DEPENDENCIES
  rails (=4.2.0)